GEM
  remote: https://rubygems.org/
  specs:
    RedCloth (4.2.9)
    actionmailer (3.2.13)
      actionpack (= 3.2.13)
      mail (~> 2.5.3)
    actionpack (3.2.13)
      activemodel (= 3.2.13)
      activesupport (= 3.2.13)
      builder (~> 3.0.0)
      erubis (~> 2.7.0)
      journey (~> 1.0.4)
      rack (~> 1.4.5)
      rack-cache (~> 1.2)
      rack-test (~> 0.6.1)
      sprockets (~> 2.2.1)
    activemodel (3.2.13)
      activesupport (= 3.2.13)
      builder (~> 3.0.0)
    activerecord (3.2.13)
      activemodel (= 3.2.13)
      activesupport (= 3.2.13)
      arel (~> 3.0.2)
      tzinfo (~> 0.3.29)
    activeresource (3.2.13)
      activemodel (= 3.2.13)
      activesupport (= 3.2.13)
    activesupport (3.2.13)
      i18n (= 0.6.1)
      multi_json (~> 1.0)
    acts_as_list (0.1.9)
    ancestry (1.2.5)
      activerecord (>= 2.2.2)
    arel (3.0.2)
    builder (3.0.4)
    cocaine (0.3.2)
    columnize (0.3.6)
    commonjs (0.2.7)
    erubis (2.7.0)
    execjs (2.0.2)
    hike (1.2.3)
    i18n (0.6.1)
    innertube (1.0.2)
    journey (1.0.4)
    jquery-rails (3.0.4)
      railties (>= 3.0, < 5.0)
      thor (>= 0.14, < 2.0)
    json (1.8.0)
    less (2.4.0)
      commonjs (~> 0.2.7)
    less-rails (2.4.2)
      actionpack (>= 3.1)
      less (~> 2.4.0)
    libv8 (3.16.14.3)
    linecache (0.46)
      rbx-require-relative (> 0.0.4)
    mail (2.5.4)
      mime-types (~> 1.16)
      treetop (~> 1.4.8)
    mime-types (1.25)
    multi_json (1.8.0)
    mysql2 (0.3.13)
    paperclip (2.7.2)
      activerecord (>= 2.3.0)
      activesupport (>= 2.3.2)
      cocaine (>= 0.0.2)
      mime-types
    pjax_rails (0.4.0)
      jquery-rails
      railties (>= 3.2, < 5.0)
    polyglot (0.3.3)
    rack (1.4.5)
    rack-cache (1.2)
      rack (>= 0.4)
    rack-ssl (1.3.3)
      rack
    rack-test (0.6.2)
      rack (>= 1.0)
    rails (3.2.13)
      actionmailer (= 3.2.13)
      actionpack (= 3.2.13)
      activerecord (= 3.2.13)
      activeresource (= 3.2.13)
      activesupport (= 3.2.13)
      bundler (~> 1.0)
      railties (= 3.2.13)
    rails-footnotes (3.7.9)
      rails (>= 3.0.0)
    rails_config (0.3.3)
      activesupport (>= 3.0)
    railties (3.2.13)
      actionpack (= 3.2.13)
      activesupport (= 3.2.13)
      rack-ssl (~> 1.3.2)
      rake (>= 0.8.7)
      rdoc (~> 3.4)
      thor (>= 0.14.6, < 2.0)
    rake (10.1.0)
    rbx-require-relative (0.0.9)
    rdoc (3.12.2)
      json (~> 1.4)
    ref (1.0.5)
    riddle (1.5.8)
    ruby-debug (0.10.4)
      columnize (>= 0.1)
      ruby-debug-base (~> 0.10.4.0)
    ruby-debug-base (0.10.4)
      linecache (>= 0.3)
    sprockets (2.2.2)
      hike (~> 1.2)
      multi_json (~> 1.0)
      rack (~> 1.0)
      tilt (~> 1.1, != 1.3.0)
    therubyracer (0.12.0)
      libv8 (~> 3.16.14.0)
      ref
    thinking-sphinx (2.1.0)
      activerecord (>= 3.0.3)
      builder (>= 2.1.2)
      innertube (~> 1.0.2)
      riddle (>= 1.5.6)
    thor (0.18.1)
    tilt (1.4.1)
    treetop (1.4.15)
      polyglot
      polyglot (>= 0.3.1)
    twitter-bootstrap-rails (2.2.8)
      actionpack (>= 3.1)
      execjs
      rails (>= 3.1)
      railties (>= 3.1)
    tzinfo (0.3.37)
    uglifier (2.1.2)
      execjs (>= 0.3.0)
      multi_json (~> 1.0, >= 1.0.2)
    will_paginate (3.0.5)

PLATFORMS
  ruby

DEPENDENCIES
  RedCloth
  acts_as_list (~> 0.1.9)
  ancestry (~> 1.2.5)
  cocaine (= 0.3.2)
  execjs
  jquery-rails
  json
  less-rails
  mysql2 (= 0.3.13)
  paperclip (= 2.7.2)
  pjax_rails (= 0.4.0)
  rails (= 3.2.13)
  rails-footnotes (>= 3.7.9)
  rails_config (~> 0.3.3)
  ruby-debug
  therubyracer (~> 0.12.0)
  thinking-sphinx (~> 2.1.0)
  twitter-bootstrap-rails (~> 2.2.7)
  uglifier (~> 2.1.2)
  will_paginate (~> 3.0.5)
